PATH
  remote: .
  specs:
    minitest-example (0.0.1)
      method_source
      rgot

GEM
  remote: https://rubygems.org/
  specs:
    byebug (10.0.2)
    method_source (0.9.0)
    minitest (5.11.3)
    rake (10.5.0)
    rgot (0.2.0)

PLATFORMS
  ruby

DEPENDENCIES
  bundler (~> 1.16)
  byebug
  minitest (~> 5.0)
  minitest-example!
  rake (~> 10.0)

BUNDLED WITH
   1.16.2
